GEM
  remote: https://rubygems.org/
  specs:
    activerecord (3.2.14)
    activesupport (7.0.4.3)
      concurrent-ruby (~> 1.0, >= 1.0.2)
      i18n (>= 1.6, < 2)
      minitest (>= 5.1)
      tzinfo (~> 2.0)
    awesome_print (1.8.0)
    backports (3.15.0)
    bigdecimal (1.4.2)
    byebug (11.0.1)
    concurrent-ruby (1.2.2)
    i18n (1.12.0)
      concurrent-ruby (~> 1.0)
    json (2.3.0)
    minitest (5.18.0)
    multi_json (1.14.1)
    mustermann (1.0.3)
    mysql2 (0.4.10)
    nio4r (2.5.2)
    puma (4.3.5)
      nio4r (~> 2.0)
    rack (2.1.4)
    rack-protection (2.0.7)
      rack
    rake (12.3.3)
    sinatra (2.0.7)
      mustermann (~> 1.0)
      rack (~> 2.0)
      rack-protection (= 2.0.7)
      tilt (~> 2.0)
    sinatra-activerecord (2.0.15)
      activerecord (>= 3.2)
      sinatra (>= 1.0)
    sinatra-contrib (2.0.7)
      backports (>= 2.8.2)
      multi_json
      mustermann (~> 1.0)
      rack-protection (= 2.0.7)
      sinatra (= 2.0.7)
      tilt (~> 2.0)
    sinatra-cross_origin (0.4.0)
    tilt (2.0.10)
    tzinfo (2.0.6)
      concurrent-ruby (~> 1.0)

PLATFORMS
  ruby

DEPENDENCIES
  awesome_print (~> 1.8.0)
  bigdecimal (= 1.4.2)
  byebug
  json (~> 2.3.0)
  mysql2 (~> 0.4)
  puma (~> 4.3.5)
  rack (~> 2.1.4)
  rake (~> 12.3.3)
  sinatra (~> 2.0.7)
  sinatra-activerecord (~> 2.0.13)
  sinatra-contrib (~> 2.0.7)
  sinatra-cross_origin (~> 0.4.0)

BUNDLED WITH
   2.1.2
